RESTRICTION: || (== net461) (== netstandard2.0)
NUGET
  remote: https://api.nuget.org/v3/index.json
    Microsoft.NETCore.Platforms (2.0.1) - restriction: || (&& (== net461) (>= monotouch)) (&& (== net461) (< net45) (>= netstandard2.0)) (&& (== net461) (>= netcoreapp2.0)) (&& (== net461) (>= netstandard1.6)) (&& (== net461) (>= xamarinios)) (&& (== net461) (>= xamarinmac)) (&& (== net461) (>= xamarintvos)) (&& (== net461) (>= xamarinwatchos)) (== netstandard2.0)
    Microsoft.NETCore.Targets (2.0) - restriction: || (&& (== net461) (>= dnxcore50) (>= netstandard1.6)) (&& (== net461) (< net45) (>= netstandard1.6)) (== netstandard2.0)
    NETStandard.Library (2.0.1) - restriction: || (&& (== net461) (>= netstandard1.6)) (== netstandard2.0)
      Microsoft.NETCore.Platforms (>= 1.1)
    NUnit (3.6.1)
      NETStandard.Library (>= 1.6) - restriction: || (&& (== net461) (>= netstandard1.6)) (== netstandard2.0)
      System.Runtime.Loader (>= 4.0) - restriction: || (&& (== net461) (>= netstandard1.6)) (== netstandard2.0)
    Poly2Tri.dll (1.0.4)
    System.IO (4.3) - restriction: || (&& (== net461) (>= netstandard1.6)) (== netstandard2.0)
      Microsoft.NETCore.Platforms (>= 1.1) - restriction: || (&& (== net461) (>= dnxcore50)) (&& (== net461) (< net45)) (== netstandard2.0)
      Microsoft.NETCore.Targets (>= 1.1) - restriction: || (&& (== net461) (>= dnxcore50)) (&& (== net461) (< net45)) (== netstandard2.0)
      System.Runtime (>= 4.3) - restriction: || (&& (== net461) (>= dnxcore50)) (&& (== net461) (< net45)) (== netstandard2.0)
      System.Text.Encoding (>= 4.3) - restriction: || (&& (== net461) (>= dnxcore50)) (&& (== net461) (< net45)) (== netstandard2.0)
      System.Threading.Tasks (>= 4.3) - restriction: || (&& (== net461) (>= dnxcore50)) (&& (== net461) (< net45)) (== netstandard2.0)
    System.Reflection (4.3) - restriction: || (&& (== net461) (>= netstandard1.6)) (== netstandard2.0)
      Microsoft.NETCore.Platforms (>= 1.1) - restriction: || (&& (== net461) (>= dnxcore50)) (&& (== net461) (< net45)) (== netstandard2.0)
      Microsoft.NETCore.Targets (>= 1.1) - restriction: || (&& (== net461) (>= dnxcore50)) (&& (== net461) (< net45)) (== netstandard2.0)
      System.IO (>= 4.3) - restriction: || (&& (== net461) (>= dnxcore50)) (&& (== net461) (< net45)) (== netstandard2.0)
      System.Reflection.Primitives (>= 4.3) - restriction: || (&& (== net461) (>= dnxcore50)) (&& (== net461) (< net45)) (== netstandard2.0)
      System.Runtime (>= 4.3) - restriction: || (&& (== net461) (>= dnxcore50)) (&& (== net461) (< net45)) (== netstandard2.0)
    System.Reflection.Primitives (4.3) - restriction: || (&& (== net461) (>= dnxcore50) (>= netstandard1.6)) (&& (== net461) (< net45) (>= netstandard1.6)) (== netstandard2.0)
      Microsoft.NETCore.Platforms (>= 1.1) - restriction: || (&& (== net461) (>= dnxcore50)) (&& (== net461) (< net45)) (== netstandard2.0)
      Microsoft.NETCore.Targets (>= 1.1) - restriction: || (&& (== net461) (>= dnxcore50)) (&& (== net461) (< net45)) (== netstandard2.0)
      System.Runtime (>= 4.3) - restriction: || (&& (== net461) (>= dnxcore50)) (&& (== net461) (< net45)) (== netstandard2.0)
    System.Runtime (4.3) - restriction: || (&& (== net461) (>= netstandard1.6)) (== netstandard2.0)
      Microsoft.NETCore.Platforms (>= 1.1) - restriction: || (&& (== net461) (>= dnxcore50)) (&& (== net461) (< net45)) (== netstandard2.0)
      Microsoft.NETCore.Targets (>= 1.1) - restriction: || (&& (== net461) (>= dnxcore50)) (&& (== net461) (< net45)) (== netstandard2.0)
    System.Runtime.Loader (4.3) - restriction: || (&& (== net461) (>= netstandard1.6)) (== netstandard2.0)
      System.IO (>= 4.3) - restriction: || (&& (== net461) (>= netstandard1.5)) (== netstandard2.0)
      System.Reflection (>= 4.3) - restriction: || (&& (== net461) (>= netstandard1.5)) (== netstandard2.0)
      System.Runtime (>= 4.3) - restriction: || (&& (== net461) (>= netstandard1.5)) (== netstandard2.0)
    System.Text.Encoding (4.3) - restriction: || (&& (== net461) (>= dnxcore50) (>= netstandard1.6)) (&& (== net461) (< net45) (>= netstandard1.6)) (== netstandard2.0)
      Microsoft.NETCore.Platforms (>= 1.1) - restriction: || (&& (== net461) (>= dnxcore50)) (&& (== net461) (< net45)) (== netstandard2.0)
      Microsoft.NETCore.Targets (>= 1.1) - restriction: || (&& (== net461) (>= dnxcore50)) (&& (== net461) (< net45)) (== netstandard2.0)
      System.Runtime (>= 4.3) - restriction: || (&& (== net461) (>= dnxcore50)) (&& (== net461) (< net45)) (== netstandard2.0)
    System.Threading.Tasks (4.3) - restriction: || (&& (== net461) (>= dnxcore50) (>= netstandard1.6)) (&& (== net461) (< net45) (>= netstandard1.6)) (== netstandard2.0)
      Microsoft.NETCore.Platforms (>= 1.1) - restriction: || (&& (== net461) (>= dnxcore50)) (&& (== net461) (< net45)) (== netstandard2.0)
      Microsoft.NETCore.Targets (>= 1.1) - restriction: || (&& (== net461) (>= dnxcore50)) (&& (== net461) (< net45)) (== netstandard2.0)
      System.Runtime (>= 4.3) - restriction: || (&& (== net461) (>= dnxcore50)) (&& (== net461) (< net45)) (== netstandard2.0)

GROUP Build
CONTENT: NONE
RESTRICTION: == net45
NUGET
  remote: https://api.nuget.org/v3/index.json
    FAKE (4.63.2) - content: none
    Mono.Cecil (0.10) - content: none
    SourceLink.Fake (1.1) - content: none
GITHUB
  remote: vrvis/Aardvark.Fake
    FULLPROJECT (7bebbfdb07cbf4ec6426be3f813dc367a0614e6a)
      FAKE (>= 4.63 < 4.64)
      Mono.Cecil (>= 0.10.0-beta6 < 0.11)
      SourceLink.Fake (>= 1.1 < 1.2)